NUGET
  remote: https://nuget.org/api/v2
  specs:
    FAKE (4.1.0)
    FSharp.Compiler.Service (1.4.0.1)
    FSharp.Configuration (0.5.3)
    FSharp.Formatting (2.10.0)
      FSharp.Compiler.Service (>= 0.0.87)
      FSharpVSPowerTools.Core (1.8.0)
    FSharpVSPowerTools.Core (1.8.0)
      FSharp.Compiler.Service (>= 0.0.87)
    Microsoft.Bcl (1.1.10)
      Microsoft.Bcl.Build (>= 1.0.14)
    Microsoft.Bcl.Build (1.0.21) - import_targets: false
    Microsoft.Net.Http (2.2.29)
      Microsoft.Bcl (>= 1.1.10)
      Microsoft.Bcl.Build (>= 1.0.14)
    NuGet.CommandLine (2.8.6)
    NUnit (2.6.3)
    NUnit.Runners (2.6.3)
    Octokit (0.14.0)
      Microsoft.Net.Http
    SourceLink.Fake (1.0.0)
    SQLite.Net.Platform.Generic (2.4.1)
      SQLite.Net-PCL
    SQLite.Net-PCL (3.0.5)
      sqlite-net-wp8 (>= 3.8.5) - framework: wpv8.0
    sqlite-net-wp8 (3.8.5) - framework: wpv8.0
GITHUB
  remote: fsharp/FAKE
  specs:
    modules/Octokit/Octokit.fsx (545fb5d2cc7901bcbfd8f7f1a53da8f7f169deda)
      Octokit